PATH
  remote: .
  specs:
    ssh_scan_worker (0.0.1)
      ssh_scan (= 0.0.35)

GEM
  remote: https://rubygems.org/
  specs:
    bindata (2.4.3)
    coderay (1.1.2)
    coveralls (0.8.21)
      json (>= 1.8, < 3)
      simplecov (~> 0.14.1)
      term-ansicolor (~> 1.3)
      thor (~> 0.19.4)
      tins (~> 1.6)
    diff-lcs (1.3)
    docile (1.1.5)
    json (2.1.0)
    method_source (0.9.0)
    net-ssh (4.2.0)
    netaddr (1.5.1)
    pry (0.11.3)
      coderay (~> 1.1.0)
      method_source (~> 0.9.0)
    rack (2.0.5)
    rack-test (1.0.0)
      rack (>= 1.0, < 3)
    rake (12.3.1)
    rspec (3.7.0)
      rspec-core (~> 3.7.0)
      rspec-expectations (~> 3.7.0)
      rspec-mocks (~> 3.7.0)
    rspec-core (3.7.1)
      rspec-support (~> 3.7.0)
    rspec-expectations (3.7.0)
      diff-lcs (>= 1.2.0, < 2.0)
      rspec-support (~> 3.7.0)
    rspec-its (1.2.0)
      rspec-core (>= 3.0.0)
      rspec-expectations (>= 3.0.0)
    rspec-mocks (3.7.0)
      diff-lcs (>= 1.2.0, < 2.0)
      rspec-support (~> 3.7.0)
    rspec-support (3.7.1)
    simplecov (0.14.1)
      docile (~> 1.1.0)
      json (>= 1.8, < 3)
      simplecov-html (~> 0.10.0)
    simplecov-html (0.10.2)
    ssh_scan (0.0.35)
      bindata (~> 2.0)
      net-ssh (~> 4.2)
      netaddr (= 1.5.1)
      sshkey
    sshkey (1.9.0)
    term-ansicolor (1.6.0)
      tins (~> 1.0)
    thor (0.19.4)
    tins (1.16.3)

PLATFORMS
  ruby

DEPENDENCIES
  coveralls
  pry
  rack-test
  rake
  rspec (~> 3.0)
  rspec-its (~> 1.2)
  ssh_scan_worker!

BUNDLED WITH
   1.16.2
